PATH
  remote: .
  specs:
    procodile (1.0.27)
      json

GEM
  remote: https://rubygems.org/
  specs:
    diff-lcs (1.3)
    json (2.3.1)
    rspec (3.5.0)
      rspec-core (~> 3.5.0)
      rspec-expectations (~> 3.5.0)
      rspec-mocks (~> 3.5.0)
    rspec-core (3.5.4)
      rspec-support (~> 3.5.0)
    rspec-expectations (3.5.0)
      diff-lcs (>= 1.2.0, < 2.0)
      rspec-support (~> 3.5.0)
    rspec-mocks (3.5.0)
      diff-lcs (>= 1.2.0, < 2.0)
      rspec-support (~> 3.5.0)
    rspec-support (3.5.0)

PLATFORMS
  ruby

DEPENDENCIES
  procodile!
  rspec
  rspec-core
  rspec-expectations
  rspec-mocks

BUNDLED WITH
   1.17.3
